GEM
  remote: https://rubygems.org/
  specs:
    mini_portile2 (2.3.0)
    nokogiri (1.8.1)
      mini_portile2 (~> 2.3.0)
    pg (0.21.0)
    pond (0.2.0)
    que (0.14.0)

PLATFORMS
  ruby

DEPENDENCIES
  nokogiri (~> 1.8.0)
  pg (~> 0.21.0)
  pond (~> 0.2.0)
  que (~> 0.14.0)

RUBY VERSION
   ruby 2.4.1p111

BUNDLED WITH
   1.16.0
